GEM
  remote: http://rubygems.org/
  specs:
    diff-lcs (1.1.2)
    rack (1.2.2)
    rack-test (0.6.0)
      rack (>= 1.0)
    rake (0.8.7)
    rspec (2.0.1)
      rspec-core (~> 2.0.1)
      rspec-expectations (~> 2.0.1)
      rspec-mocks (~> 2.0.1)
    rspec-core (2.0.1)
    rspec-expectations (2.0.1)
      diff-lcs (>= 1.1.2)
    rspec-mocks (2.0.1)
      rspec-core (~> 2.0.1)
      rspec-expectations (~> 2.0.1)

PLATFORMS
  ruby

DEPENDENCIES
  rack-test
  rake
  rspec (~> 2.0.0.beta12)
